GEM
  remote: https://rubygems.org/
  specs:
    base64 (0.2.0)
    bundler-audit (0.9.2)
      bundler (>= 1.2.0, < 3)
      thor (~> 1.0)
    coderay (1.1.3)
    logger (1.6.6)
    method_source (1.1.0)
    nokogiri (1.18.3-arm64-darwin)
      racc (~> 1.4)
    nokogiri (1.18.3-x86_64-darwin)
      racc (~> 1.4)
    pry (0.15.2)
      coderay (~> 1.1)
      method_source (~> 1.0)
    pry-doc (1.5.0)
      pry (~> 0.11)
      yard (~> 0.9.11)
    racc (1.8.1)
    rexml (3.4.1)
    rubyzip (2.4.1)
    selenium-webdriver (4.29.1)
      base64 (~> 0.2)
      logger (~> 1.4)
      rexml (~> 3.2, >= 3.2.5)
      rubyzip (>= 1.2.2, < 3.0)
      websocket (~> 1.0)
    thor (1.3.2)
    websocket (1.2.11)
    yard (0.9.37)

PLATFORMS
  arm64-darwin-22
  x86_64-darwin-21

DEPENDENCIES
  bundler-audit
  nokogiri
  pry
  pry-doc
  selenium-webdriver

BUNDLED WITH
   2.3.26
